GEM
  remote: http://rubygems.org/
  specs:
    activesupport (2.3.14)
    addressable (2.2.6)
    data_objects (0.10.7)
      addressable (~> 2.1)
    dm-core (1.2.0)
      addressable (~> 2.2.6)
    dm-do-adapter (1.2.0)
      data_objects (~> 0.10.6)
      dm-core (~> 1.2.0)
    dm-migrations (1.2.0)
      dm-core (~> 1.2.0)
    dm-mysql-adapter (1.2.0)
      dm-do-adapter (~> 1.2.0)
      do_mysql (~> 0.10.6)
    dm-timestamps (1.2.0)
      dm-core (~> 1.2.0)
    do_mysql (0.10.7)
      data_objects (= 0.10.7)
    faraday (0.7.5)
      addressable (~> 2.2.6)
      multipart-post (~> 1.1.3)
      rack (>= 1.1.0, < 2)
    faraday_middleware (0.7.0)
      faraday (~> 0.7.3)
    hashie (1.1.0)
    multi_json (1.0.3)
    multi_xml (0.4.1)
    multipart-post (1.1.3)
    oauth (0.4.5)
    rack (1.3.0)
    rack-protection (1.1.4)
      rack
    simple_oauth (0.1.5)
    sinatra (1.3.0)
      rack (~> 1.3)
      rack-protection (~> 1.1)
      tilt (~> 1.3)
    tilt (1.3.3)
    twitter (1.7.2)
      faraday (~> 0.7.4)
      faraday_middleware (~> 0.7.0)
      hashie (~> 1.1.0)
      multi_json (~> 1.0.0)
      multi_xml (~> 0.4.0)
      simple_oauth (~> 0.1.5)

PLATFORMS
  ruby

DEPENDENCIES
  activesupport (~> 2.3.0)
  dm-core (~> 1.2.0)
  dm-migrations (~> 1.2.0)
  dm-mysql-adapter (~> 1.2.0)
  dm-timestamps (~> 1.2.0)
  oauth (~> 0.4)
  sinatra (~> 1.3.0)
  twitter (~> 1.7)
